GIT
  remote: git://github.com/elizabrock/slide-em-up.git
  revision: a02e0a0e90476a992253fdbd70e8c59b07db3f08
  branch: master
  specs:
    slide-em-up (0.3.5)
      erubis (~> 2.7)
      redcarpet (~> 3.1)

GEM
  remote: https://rubygems.org/
  specs:
    actionmailer (4.1.4)
      actionpack (= 4.1.4)
      actionview (= 4.1.4)
      mail (~> 2.5.4)
    actionpack (4.1.4)
      actionview (= 4.1.4)
      activesupport (= 4.1.4)
      rack (~> 1.5.2)
      rack-test (~> 0.6.2)
    actionview (4.1.4)
      activesupport (= 4.1.4)
      builder (~> 3.1)
      erubis (~> 2.7.0)
    activemodel (4.1.4)
      activesupport (= 4.1.4)
      builder (~> 3.1)
    activerecord (4.1.4)
      activemodel (= 4.1.4)
      activesupport (= 4.1.4)
      arel (~> 5.0.0)
    activesupport (4.1.4)
      i18n (~> 0.6, >= 0.6.9)
      json (~> 1.7, >= 1.7.7)
      minitest (~> 5.1)
      thread_safe (~> 0.1)
      tzinfo (~> 1.1)
    addressable (2.3.6)
    arel (5.0.1.20140414130214)
    bcrypt (3.1.7)
    builder (3.2.2)
    calendar_helper (0.2.6)
      open4
    cancan (1.6.10)
    capybara (2.4.4)
      mime-types (>= 1.16)
      nokogiri (>= 1.3.3)
      rack (>= 1.0.0)
      rack-test (>= 0.5.4)
      xpath (~> 2.0)
    carrierwave (0.10.0)
      activemodel (>= 3.2.0)
      activesupport (>= 3.2.0)
      json (>= 1.7)
      mime-types (>= 1.16)
    choice (0.1.6)
    chunky_png (1.3.4)
    cliver (0.3.2)
    codeclimate-test-reporter (0.4.7)
      simplecov (>= 0.7.1, < 1.0.0)
    coderay (1.1.0)
    coffee-rails (4.1.0)
      coffee-script (>= 2.2.0)
      railties (>= 4.0.0, < 5.0)
    coffee-script (2.4.1)
      coffee-script-source
      execjs
    coffee-script-source (1.9.1)
    compass (0.12.7)
      chunky_png (~> 1.2)
      fssm (>= 0.2.7)
      sass (~> 3.2.19)
    compass-rails (2.0.0)
      compass (>= 0.12.2)
    crack (0.4.2)
      safe_yaml (~> 1.0.0)
    d3-rails (3.5.5)
      railties (>= 3.1)
    database_cleaner (1.4.1)
    decent_exposure (2.3.2)
    devise (3.2.4)
      bcrypt (~> 3.0)
      orm_adapter (~> 0.1)
      railties (>= 3.2.6, < 5)
      thread_safe (~> 0.1)
      warden (~> 1.2.3)
    diff-lcs (1.2.5)
    docile (1.1.5)
    email_spec (1.6.0)
      launchy (~> 2.1)
      mail (~> 2.2)
    erubis (2.7.0)
    excon (0.39.4)
    execjs (2.5.1)
    fabrication (2.12.2)
    faker (1.4.2)
      i18n (~> 0.5)
    faraday (0.9.0)
      multipart-post (>= 1.2, < 3)
    figaro (0.7.0)
      bundler (~> 1.0)
      rails (>= 3, < 5)
    fog (1.23.0)
      fog-brightbox
      fog-core (~> 1.23)
      fog-json
      fog-softlayer
      ipaddress (~> 0.5)
      nokogiri (~> 1.5, >= 1.5.11)
    fog-brightbox (0.2.0)
      fog-core (~> 1.22)
      fog-json
      inflecto
    fog-core (1.23.0)
      builder
      excon (~> 0.38)
      formatador (~> 0.2)
      mime-types
      net-scp (~> 1.1)
      net-ssh (>= 2.1.3)
    fog-json (1.0.0)
      multi_json (~> 1.0)
    fog-softlayer (0.3.13)
      fog-core
      fog-json
    formatador (0.2.5)
    foundation-rails (5.3.3.0)
      railties (>= 3.1.0)
      sass (>= 3.2.0)
    fssm (0.2.10)
    haml (4.0.5)
      tilt
    haml-rails (0.5.3)
      actionpack (>= 4.0.1)
      activesupport (>= 4.0.1)
      haml (>= 3.1, < 5.0)
      railties (>= 4.0.1)
    hashie (3.2.0)
    hike (1.2.3)
    honeybadger (1.16.3)
      json
    i18n (0.7.0)
    inflecto (0.0.2)
    ipaddress (0.8.0)
    jquery-rails (3.1.1)
      railties (>= 3.0, < 5.0)
      thor (>= 0.14, < 2.0)
    jquery-ui-rails (5.0.0)
      railties (>= 3.2.16)
    json (1.8.2)
    jwt (1.0.0)
    kgio (2.9.2)
    launchy (2.4.2)
      addressable (~> 2.3)
    letter_opener (1.2.0)
      launchy (~> 2.2)
    mail (2.5.4)
      mime-types (~> 1.16)
      treetop (~> 1.4.8)
    method_source (0.8.2)
    mime-types (1.25.1)
    mini_portile (0.6.2)
    minitest (5.5.1)
    multi_json (1.11.0)
    multi_xml (0.5.5)
    multipart-post (2.0.0)
    net-scp (1.2.1)
      net-ssh (>= 2.6.5)
    net-ssh (2.9.1)
    newrelic_rpm (3.9.1.236)
    nokogiri (1.6.6.2)
      mini_portile (~> 0.6.0)
    oauth2 (1.0.0)
      faraday (>= 0.8, < 0.10)
      jwt (~> 1.0)
      multi_json (~> 1.3)
      multi_xml (~> 0.5)
      rack (~> 1.2)
    octokit (3.3.0)
      sawyer (~> 0.5.3)
    omniauth (1.2.2)
      hashie (>= 1.2, < 4)
      rack (~> 1.0)
    omniauth-github (1.1.2)
      omniauth (~> 1.0)
      omniauth-oauth2 (~> 1.1)
    omniauth-oauth2 (1.2.0)
      faraday (>= 0.8, < 0.10)
      multi_json (~> 1.3)
      oauth2 (~> 1.0)
      omniauth (~> 1.2)
    open4 (1.3.4)
    orm_adapter (0.5.0)
    pg (0.17.1)
    poltergeist (1.6.0)
      capybara (~> 2.1)
      cliver (~> 0.3.1)
      multi_json (~> 1.0)
      websocket-driver (>= 0.2.0)
    polyglot (0.3.5)
    postmark (1.3.1)
      json
      rake
    postmark-rails (0.8.0)
      actionmailer (>= 3.0.0)
      postmark (~> 1.3.0)
    pry (0.10.1)
      coderay (~> 1.1.0)
      method_source (~> 0.8.1)
      slop (~> 3.4)
    pry-rails (0.3.4)
      pry (>= 0.9.10)
    rack (1.5.2)
    rack-test (0.6.3)
      rack (>= 1.0)
    rails (4.1.4)
      actionmailer (= 4.1.4)
      actionpack (= 4.1.4)
      actionview (= 4.1.4)
      activemodel (= 4.1.4)
      activerecord (= 4.1.4)
      activesupport (= 4.1.4)
      bundler (>= 1.3.0, < 2.0)
      railties (= 4.1.4)
      sprockets-rails (~> 2.0)
    rails-erd (1.1.0)
      activerecord (>= 3.0)
      activesupport (>= 3.0)
      choice (~> 0.1.6)
      ruby-graphviz (~> 1.0.4)
    rails_12factor (0.0.2)
      rails_serve_static_assets
      rails_stdout_logging
    rails_serve_static_assets (0.0.2)
    rails_stdout_logging (0.0.3)
    railties (4.1.4)
      actionpack (= 4.1.4)
      activesupport (= 4.1.4)
      rake (>= 0.8.7)
      thor (>= 0.18.1, < 2.0)
    raindrops (0.13.0)
    rake (10.4.2)
    redcarpet (3.1.2)
    rspec (3.2.0)
      rspec-core (~> 3.2.0)
      rspec-expectations (~> 3.2.0)
      rspec-mocks (~> 3.2.0)
    rspec-core (3.2.3)
      rspec-support (~> 3.2.0)
    rspec-expectations (3.2.1)
      diff-lcs (>= 1.2.0, < 2.0)
      rspec-support (~> 3.2.0)
    rspec-mocks (3.2.1)
      diff-lcs (>= 1.2.0, < 2.0)
      rspec-support (~> 3.2.0)
    rspec-rails (3.2.1)
      actionpack (>= 3.0, < 4.3)
      activesupport (>= 3.0, < 4.3)
      railties (>= 3.0, < 4.3)
      rspec-core (~> 3.2.0)
      rspec-expectations (~> 3.2.0)
      rspec-mocks (~> 3.2.0)
      rspec-support (~> 3.2.0)
    rspec-support (3.2.2)
    ruby-graphviz (1.0.9)
    safe_yaml (1.0.4)
    sass (3.2.19)
    sass-rails (4.0.3)
      railties (>= 4.0.0, < 5.0)
      sass (~> 3.2.0)
      sprockets (~> 2.8, <= 2.11.0)
      sprockets-rails (~> 2.0)
    sawyer (0.5.4)
      addressable (~> 2.3.5)
      faraday (~> 0.8, < 0.10)
    shoulda-matchers (2.6.2)
      activesupport (>= 3.0.0)
    simple_form (3.0.2)
      actionpack (~> 4.0)
      activemodel (~> 4.0)
    simplecov (0.9.2)
      docile (~> 1.1.0)
      multi_json (~> 1.0)
      simplecov-html (~> 0.9.0)
    simplecov-html (0.9.0)
    slop (3.6.0)
    sprockets (2.11.0)
      hike (~> 1.2)
      multi_json (~> 1.0)
      rack (~> 1.0)
      tilt (~> 1.1, != 1.3.0)
    sprockets-rails (2.1.3)
      actionpack (>= 3.0)
      activesupport (>= 3.0)
      sprockets (~> 2.8)
    thor (0.19.1)
    thread_safe (0.3.5)
    tilt (1.4.1)
    timecop (0.7.1)
    treetop (1.4.15)
      polyglot
      polyglot (>= 0.3.1)
    tzinfo (1.2.2)
      thread_safe (~> 0.1)
    uglifier (2.5.3)
      execjs (>= 0.3.0)
      json (>= 1.8.0)
    unicorn (4.8.3)
      kgio (~> 2.6)
      rack
      raindrops (~> 0.7)
    vcr (2.9.2)
    warden (1.2.3)
      rack (>= 1.0)
    webmock (1.18.0)
      addressable (>= 2.3.6)
      crack (>= 0.3.2)
    websocket-driver (0.5.4)
      websocket-extensions (>= 0.1.0)
    websocket-extensions (0.1.2)
    xpath (2.0.0)
      nokogiri (~> 1.3)

PLATFORMS
  ruby

DEPENDENCIES
  calendar_helper
  cancan
  carrierwave
  codeclimate-test-reporter
  coffee-rails (~> 4.0)
  compass-rails
  d3-rails
  database_cleaner
  decent_exposure
  devise
  email_spec
  fabrication
  faker
  figaro
  fog
  foundation-rails (~> 5.2)
  haml-rails
  honeybadger
  jquery-rails
  jquery-ui-rails
  launchy
  letter_opener
  minitest
  newrelic_rpm
  octokit
  omniauth-github
  pg
  poltergeist
  postmark-rails
  pry-rails
  rails (~> 4.1)
  rails-erd
  rails_12factor
  redcarpet
  rspec (~> 3.0)
  rspec-rails (~> 3.0)
  sass-rails (~> 4.0)
  shoulda-matchers
  simple_form
  slide-em-up!
  timecop
  uglifier (>= 1.3.0)
  unicorn
  vcr
  webmock
